PATH
  remote: .
  specs:
    midjourney-ruby (0.1.1)
      rainbow (~> 3.0)

GEM
  remote: https://rubygems.org/
  specs:
    diff-lcs (1.5.0)
    rainbow (3.1.1)
    rake (13.0.6)
    rspec (3.12.0)
      rspec-core (~> 3.12.0)
      rspec-expectations (~> 3.12.0)
      rspec-mocks (~> 3.12.0)
    rspec-core (3.12.2)
      rspec-support (~> 3.12.0)
    rspec-expectations (3.12.3)
      diff-lcs (>= 1.2.0, < 2.0)
      rspec-support (~> 3.12.0)
    rspec-mocks (3.12.6)
      diff-lcs (>= 1.2.0, < 2.0)
      rspec-support (~> 3.12.0)
    rspec-support (3.12.1)

PLATFORMS
  x86_64-darwin-21

DEPENDENCIES
  midjourney-ruby!
  rake (~> 13.0)
  rspec (~> 3.2)

BUNDLED WITH
   2.4.12
